PATH
  remote: .
  specs:
    roger_requirejs (1.0.0)
      roger (~> 0.10.0)

GEM
  remote: https://rubygems.org/
  specs:
    hpricot (0.8.6)
    mime-types (2.2)
    rack (1.5.2)
    rake (10.3.1)
    roger (0.10.0)
      hpricot (>= 0.6.4)
      mime-types (~> 2.2)
      rack (>= 1.0.0)
      thor (~> 0.16.0)
      tilt (~> 2.0.1)
    thor (0.16.0)
    tilt (2.0.1)

PLATFORMS
  ruby

DEPENDENCIES
  rake
  roger_requirejs!
